GEM
  remote: https://rubygems.org/
  specs:
    thor (1.2.1)

PLATFORMS
  x86_64-darwin-20

DEPENDENCIES
  thor

BUNDLED WITH
   2.2.28
