GEM
  remote: https://rubygems.org/
  specs:
    teletype (0.0.0)

PLATFORMS
  x86_64-darwin-20

DEPENDENCIES
  teletype

BUNDLED WITH
   2.2.28
